GIT
  remote: https://github.com/middleman/middleman
  revision: 5e6daa97e37e96ba91c6776e9767045a3e898805
  branch: 5.x
  specs:
    middleman (5.0.0.rc.2)
      coffee-script (~> 2.4)
      haml (>= 4.0.5)
      kramdown (~> 2.3)
      middleman-cli (= 5.0.0.rc.2)
      middleman-core (= 5.0.0.rc.2)
      webrick (~> 1.7)
    middleman-cli (5.0.0.rc.2)
      thor (>= 0.17.0, < 2.0)
    middleman-core (5.0.0.rc.2)
      activesupport (>= 5.0.0)
      addressable (~> 2)
      bundler
      contracts (~> 0.17)
      dotenv
      erubis
      execjs (>= 2, < 2.8.0)
      fastimage (~> 2)
      hamster (~> 3)
      hashie (~> 5)
      i18n (~> 1)
      listen (~> 3)
      memoist (~> 0)
      oj (~> 3)
      padrino-helpers (~> 0.15.0)
      parallel
      rack (>= 1.4.5, < 3)
      rgl (~> 0.5)
      sassc (~> 2)
      servolux
      terser (~> 1.1)
      tilt (~> 2.0.9)
      toml
      webrick

GIT
  remote: https://github.com/middleman/middleman-minify-html
  revision: 68080390564b58e5d39bcecf367cbc2a8fc4e0d5
  specs:
    middleman-minify-html (4.0.0)
      htmlcompressor (~> 0)
      middleman-core (>= 5.0.0.rc.1)

GEM
  remote: https://rubygems.org/
  specs:
    activesupport (7.0.5)
      concurrent-ruby (~> 1.0, >= 1.0.2)
      i18n (>= 1.6, < 2)
      minitest (>= 5.1)
      tzinfo (~> 2.0)
    addressable (2.8.4)
      public_suffix (>= 2.0.2, < 6.0)
    coffee-script (2.4.1)
      coffee-script-source
      execjs
    coffee-script-source (1.12.2)
    concurrent-ruby (1.2.2)
    contracts (0.17)
    dotenv (2.8.1)
    erubis (2.7.0)
    execjs (2.7.0)
    fastimage (2.2.7)
    ffi (1.15.5)
    haml (6.1.1)
      temple (>= 0.8.2)
      thor
      tilt
    hamster (3.0.0)
      concurrent-ruby (~> 1.0)
    hashie (5.0.0)
    htmlcompressor (0.4.0)
    i18n (1.14.1)
      concurrent-ruby (~> 1.0)
    kramdown (2.4.0)
      rexml
    listen (3.8.0)
      rb-fsevent (~> 0.10, >= 0.10.3)
      rb-inotify (~> 0.9, >= 0.9.10)
    memoist (0.16.2)
    minitest (5.18.0)
    oj (3.15.0)
    padrino-helpers (0.15.3)
      i18n (>= 0.6.7, < 2)
      padrino-support (= 0.15.3)
      tilt (>= 1.4.1, < 3)
    padrino-support (0.15.3)
    pairing_heap (3.0.1)
    parallel (1.23.0)
    parslet (2.0.0)
    public_suffix (5.0.1)
    rack (2.2.7)
    rake (13.0.6)
    rb-fsevent (0.11.2)
    rb-inotify (0.10.1)
      ffi (~> 1.0)
    rexml (3.2.5)
    rgl (0.6.3)
      pairing_heap (>= 0.3.0)
      rexml (~> 3.2, >= 3.2.4)
      stream (~> 0.5.3)
    sassc (2.4.0)
      ffi (~> 1.9)
    servolux (0.13.0)
    stream (0.5.5)
    temple (0.10.2)
    terser (1.1.16)
      execjs (>= 0.3.0, < 3)
    thor (1.2.2)
    tilt (2.0.11)
    toml (0.3.0)
      parslet (>= 1.8.0, < 3.0.0)
    tzinfo (2.0.6)
      concurrent-ruby (~> 1.0)
    webrick (1.8.1)

PLATFORMS
  ruby

DEPENDENCIES
  kramdown (>= 2.3.0)
  middleman!
  middleman-minify-html!
  oj (>= 2.10.4)
  rake
  tzinfo-data
  wdm (~> 0.1)

BUNDLED WITH
   2.4.6
